GEM
  remote: http://rubygems.org/
  specs:
    pg (0.14.1-x86-mingw32)
    rack (1.4.1)
    rack-protection (1.3.2)
      rack
    sinatra (1.3.3)
      rack (~> 1.3, >= 1.3.6)
      rack-protection (~> 1.2)
      tilt (~> 1.3, >= 1.3.3)
    tilt (1.3.3)

PLATFORMS
  x86-mingw32

DEPENDENCIES
  pg
  sinatra
